GIT
  remote: https://github.com/rails-sqlserver/activerecord-sqlserver-adapter.git
  revision: a4ed46944156d9060730e18ea0acce574fb7f05b
  branch: v3.2.13
  specs:
    activerecord-sqlserver-adapter (3.2.13)
      activerecord (~> 3.2.0)

GEM
  remote: https://rubygems.org/
  specs:
    activemodel (3.2.13)
      activesupport (= 3.2.13)
      builder (~> 3.0.0)
    activerecord (3.2.13)
      activemodel (= 3.2.13)
      activesupport (= 3.2.13)
      arel (~> 3.0.2)
      tzinfo (~> 0.3.29)
    activesupport (3.2.13)
      i18n (= 0.6.1)
      multi_json (~> 1.0)
    arel (3.0.3)
    backports (3.6.8)
    builder (3.0.4)
    byebug (8.2.2)
    coderay (1.1.1)
    domain_name (0.5.20160310)
      unf (>= 0.0.5, < 1.0.0)
    dotenv (2.1.1)
    ffi (1.9.10)
    http-cookie (1.0.2)
      domain_name (~> 0.5)
    i18n (0.6.1)
    ignorable (0.3.0)
      activerecord (>= 3)
    listen (3.0.6)
      rb-fsevent (>= 0.9.3)
      rb-inotify (>= 0.9.7)
    method_source (0.8.2)
    mime-types (2.99.1)
    mini_portile (0.6.2)
    multi_json (1.11.2)
    netrc (0.11.0)
    pry (0.10.3)
      coderay (~> 1.1.0)
      method_source (~> 0.8.1)
      slop (~> 3.4)
    pry-byebug (3.3.0)
      byebug (~> 8.0)
      pry (~> 0.10)
    puma (3.2.0)
    rack (1.6.4)
    rack-protection (1.5.3)
      rack
    rack-test (0.6.3)
      rack (>= 1.0)
    rb-fsevent (0.9.7)
    rb-inotify (0.9.7)
      ffi (>= 0.5.0)
    rerun (0.11.0)
      listen (~> 3.0)
    rest-client (1.8.0)
      http-cookie (>= 1.0.2, < 2.0)
      mime-types (>= 1.16, < 3.0)
      netrc (~> 0.7)
    shotgun (0.9.1)
      rack (>= 1.0)
    sinatra (1.4.7)
      rack (~> 1.5)
      rack-protection (~> 1.4)
      tilt (>= 1.3, < 3)
    sinatra-contrib (1.4.6)
      backports (>= 2.0)
      multi_json
      rack-protection
      rack-test
      sinatra (~> 1.4.0)
      tilt (>= 1.3, < 3)
    slop (3.6.0)
    tilt (2.0.2)
    tiny_tds (0.7.0)
      mini_portile (= 0.6.2)
    tzinfo (0.3.48)
    unf (0.1.4)
      unf_ext
    unf_ext (0.0.7.2)

PLATFORMS
  ruby

DEPENDENCIES
  activerecord (= 3.2.13)
  activerecord-sqlserver-adapter!
  activesupport
  dotenv
  ignorable
  pry-byebug
  puma
  rerun
  rest-client
  shotgun
  sinatra
  sinatra-contrib
  tiny_tds

BUNDLED WITH
   1.12.2
